GEM
  remote: https://rubygems.org/
  specs:
    actionmailer (4.2.8)
      actionpack (= 4.2.8)
      actionview (= 4.2.8)
      activejob (= 4.2.8)
      mail (~> 2.5, >= 2.5.4)
      rails-dom-testing (~> 1.0, >= 1.0.5)
    actionpack (4.2.8)
      actionview (= 4.2.8)
      activesupport (= 4.2.8)
      rack (~> 1.6)
      rack-test (~> 0.6.2)
      rails-dom-testing (~> 1.0, >= 1.0.5)
      rails-html-sanitizer (~> 1.0, >= 1.0.2)
    actionview (4.2.8)
      activesupport (= 4.2.8)
      builder (~> 3.1)
      erubis (~> 2.7.0)
      rails-dom-testing (~> 1.0, >= 1.0.5)
      rails-html-sanitizer (~> 1.0, >= 1.0.3)
    activejob (4.2.8)
      activesupport (= 4.2.8)
      globalid (>= 0.3.0)
    activemodel (4.2.8)
      activesupport (= 4.2.8)
      builder (~> 3.1)
    activerecord (4.2.8)
      activemodel (= 4.2.8)
      activesupport (= 4.2.8)
      arel (~> 6.0)
    activesupport (4.2.8)
      i18n (~> 0.7)
      minitest (~> 5.1)
      thread_safe (~> 0.3, >= 0.3.4)
      tzinfo (~> 1.1)
    arel (6.0.4)
    ast (2.4.2)
    bcrypt (3.1.16)
    builder (3.2.4)
    bullet (7.0.0)
      activesupport (>= 3.0.0)
      uniform_notifier (~> 1.11)
    byebug (11.1.3)
    choice (0.2.0)
    cocoon (1.2.15)
    coderay (1.1.3)
    coffee-rails (4.1.1)
      coffee-script (>= 2.2.0)
      railties (>= 4.0.0, < 5.1.x)
    coffee-script (2.4.1)
      coffee-script-source
      execjs
    coffee-script-source (1.12.2)
    concurrent-ruby (1.1.9)
    crass (1.0.6)
    devise (4.8.1)
      bcrypt (~> 3.0)
      orm_adapter (~> 0.1)
      railties (>= 4.1.0)
      responders
      warden (~> 1.2.3)
    devise-i18n (1.10.1)
      devise (>= 4.8.0)
    dotenv (2.7.6)
    dotenv-rails (2.7.6)
      dotenv (= 2.7.6)
      railties (>= 3.2)
    erubis (2.7.0)
    execjs (2.8.1)
    faker (2.2.1)
      i18n (>= 0.8)
    ffi (1.15.4)
    font-awesome-rails (4.7.0.8)
      railties (>= 3.2, < 8.0)
    globalid (0.4.2)
      activesupport (>= 4.2.0)
    i18n (0.9.5)
      concurrent-ruby (~> 1.0)
    jbuilder (2.9.1)
      activesupport (>= 4.2.0)
    jquery-rails (4.4.0)
      rails-dom-testing (>= 1, < 3)
      railties (>= 4.2.0)
      thor (>= 0.14, < 2.0)
    jquery-turbolinks (2.1.0)
      railties (>= 3.1.0)
      turbolinks
    kaminari (1.2.2)
      activesupport (>= 4.1.0)
      kaminari-actionview (= 1.2.2)
      kaminari-activerecord (= 1.2.2)
      kaminari-core (= 1.2.2)
    kaminari-actionview (1.2.2)
      actionview
      kaminari-core (= 1.2.2)
    kaminari-activerecord (1.2.2)
      activerecord
      kaminari-core (= 1.2.2)
    kaminari-core (1.2.2)
    kgio (2.11.4)
    kwalify (0.7.2)
    libv8 (3.16.14.19)
    loofah (2.13.0)
      crass (~> 1.0.2)
      nokogiri (>= 1.5.9)
    mail (2.7.1)
      mini_mime (>= 0.1.1)
    material_icons (2.2.1)
      railties (>= 3.2)
    materialize-sass (0.100.2.1)
      sass (~> 3.3)
    method_source (1.0.0)
    mini_mime (1.1.2)
    mini_portile2 (2.6.1)
    minitest (5.15.0)
    nio4r (2.5.8)
    nokogiri (1.12.5)
      mini_portile2 (~> 2.6.1)
      racc (~> 1.4)
    orm_adapter (0.5.0)
    parallel (1.21.0)
    parser (3.0.3.2)
      ast (~> 2.4.1)
    pg (0.21.0)
    pry (0.14.1)
      coderay (~> 1.1)
      method_source (~> 1.0)
    puma (5.5.2)
      nio4r (~> 2.0)
    racc (1.6.0)
    rack (1.6.13)
    rack-test (0.6.3)
      rack (>= 1.0)
    racksh (1.0.0)
      rack (>= 1.0)
      rack-test (>= 0.5)
    railroady (1.6.0)
    rails (4.2.8)
      actionmailer (= 4.2.8)
      actionpack (= 4.2.8)
      actionview (= 4.2.8)
      activejob (= 4.2.8)
      activemodel (= 4.2.8)
      activerecord (= 4.2.8)
      activesupport (= 4.2.8)
      bundler (>= 1.3.0, < 2.0)
      railties (= 4.2.8)
      sprockets-rails
    rails-deprecated_sanitizer (1.0.4)
      activesupport (>= 4.2.0.alpha)
    rails-dom-testing (1.0.9)
      activesupport (>= 4.2.0, < 5.0)
      nokogiri (~> 1.6)
      rails-deprecated_sanitizer (>= 1.0.1)
    rails-erd (1.6.1)
      activerecord (>= 4.2)
      activesupport (>= 4.2)
      choice (~> 0.2.0)
      ruby-graphviz (~> 1.2)
    rails-html-sanitizer (1.4.2)
      loofah (~> 2.3)
    rails-i18n (4.0.9)
      i18n (~> 0.7)
      railties (~> 4.0)
    railties (4.2.8)
      actionpack (= 4.2.8)
      activesupport (= 4.2.8)
      rake (>= 0.8.7)
      thor (>= 0.18.1, < 2.0)
    rainbow (3.0.0)
    raindrops (0.20.0)
    rake (13.0.6)
    rb-fsevent (0.11.0)
    rb-inotify (0.10.1)
      ffi (~> 1.0)
    reek (6.0.6)
      kwalify (~> 0.7.0)
      parser (~> 3.0.0)
      rainbow (>= 2.0, < 4.0)
    ref (2.0.0)
    regexp_parser (2.2.0)
    responders (2.4.1)
      actionpack (>= 4.2.0, < 6.0)
      railties (>= 4.2.0, < 6.0)
    rexml (3.2.5)
    rubocop (1.24.0)
      parallel (~> 1.10)
      parser (>= 3.0.0.0)
      rainbow (>= 2.2.2, < 4.0)
      regexp_parser (>= 1.8, < 3.0)
      rexml
      rubocop-ast (>= 1.15.0, < 2.0)
      ruby-progressbar (~> 1.7)
      unicode-display_width (>= 1.4.0, < 3.0)
    rubocop-ast (1.15.0)
      parser (>= 3.0.1.1)
    ruby-graphviz (1.2.5)
      rexml
    ruby-progressbar (1.11.0)
    sass (3.7.4)
      sass-listen (~> 4.0.0)
    sass-listen (4.0.0)
      rb-fsevent (~> 0.9, >= 0.9.4)
      rb-inotify (~> 0.9, >= 0.9.7)
    sass-rails (5.0.7)
      railties (>= 4.0.0, < 6)
      sass (~> 3.1)
      sprockets (>= 2.8, < 4.0)
      sprockets-rails (>= 2.0, < 4.0)
      tilt (>= 1.1, < 3)
    seed_dump (3.3.1)
      activerecord (>= 4)
      activesupport (>= 4)
    slim (4.1.0)
      temple (>= 0.7.6, < 0.9)
      tilt (>= 2.0.6, < 2.1)
    slim-rails (3.3.0)
      actionpack (>= 3.1)
      railties (>= 3.1)
      slim (>= 3.0, < 5.0)
    sprockets (3.7.2)
      concurrent-ruby (~> 1.0)
      rack (> 1, < 3)
    sprockets-rails (3.2.2)
      actionpack (>= 4.0)
      activesupport (>= 4.0)
      sprockets (>= 3.0.0)
    temple (0.8.2)
    therubyracer (0.12.3)
      libv8 (~> 3.16.14.15)
      ref
    thor (1.1.0)
    thread_safe (0.3.6)
    tilt (2.0.10)
    turbolinks (5.2.1)
      turbolinks-source (~> 5.2)
    turbolinks-source (5.2.0)
    tzinfo (1.2.9)
      thread_safe (~> 0.1)
    uglifier (4.2.0)
      execjs (>= 0.3.0, < 3)
    unicode-display_width (2.1.0)
    unicorn (6.1.0)
      kgio (~> 2.6)
      raindrops (~> 0.7)
    uniform_notifier (1.14.2)
    warden (1.2.7)
      rack (>= 1.0)

PLATFORMS
  ruby

DEPENDENCIES
  bullet
  byebug
  cocoon
  coffee-rails (~> 4.1.0)
  devise
  devise-i18n
  dotenv-rails
  faker
  font-awesome-rails
  jbuilder (~> 2.0)
  jquery-rails
  jquery-turbolinks
  kaminari
  material_icons
  materialize-sass (~> 0.100.2)
  pg (~> 0.20)
  pry
  puma
  racksh
  railroady
  rails (= 4.2.8)
  rails-erd
  rails-i18n
  reek
  rubocop
  sass-rails (~> 5.0)
  seed_dump
  slim-rails
  therubyracer
  turbolinks
  uglifier (>= 1.3.0)
  unicorn

RUBY VERSION
   ruby 2.5.9p229

BUNDLED WITH
   1.17.3
